Brain Vision Data Exchange Header File Version 1.0
; Written using pybv 0.7.6

[Common Infos]
Codepage=UTF-8
DataFile=anon.eeg
MarkerFile=anon.vmrk
DataFormat=BINARY
; Data orientation: MULTIPLEXED=ch1,pt1, ch2,pt1 ...
DataOrientation=MULTIPLEXED
NumberOfChannels=19
; Sampling interval in microseconds
SamplingInterval=4000.0

[Binary Infos]
BinaryFormat=IEEE_FLOAT_32

[Channel Infos]
; Each entry: Ch<Channel number>=<Name>,<Reference channel name>,
; <Resolution in "Unit">,<Unit>, Future extensions..
; Fields are delimited by commas, some fields might be omitted (empty).
; Commas in channel names are coded as "\1".
Ch1=Fp1_1,,0.1,µV
Ch2=F3_3,,0.1,µV
Ch3=F7_4,,0.1,µV
Ch4=C3_8,,0.1,µV
Ch5=T7_9,,0.1,µV
Ch6=P3_14,,0.1,µV
Ch7=P7_15,,0.1,µV
Ch8=O1_16,,0.1,µV
Ch9=O2_18,,0.1,µV
Ch10=P4_19,,0.1,µV
Ch11=P8_20,,0.1,µV
Ch12=C4_25,,0.1,µV
Ch13=T8_26,,0.1,µV
Ch14=F4_30,,0.1,µV
Ch15=F8_31,,0.1,µV
Ch16=Fp2_32,,0.1,µV
Ch17=ECG,,0.1,n/a
Ch18=Y,,0.1,n/a
Ch19=Z,,0.1,n/a

[Comment]

